PATH
  remote: .
  specs:
    timeline (0.0.1)
      active_support
      multi_json
      redis

GEM
  remote: http://rubygems.org/
  specs:
    active_support (3.0.0)
      activesupport (= 3.0.0)
    activesupport (3.0.0)
    multi_json (1.1.0)
    redis (2.2.2)
    sqlite3 (1.3.5)

PLATFORMS
  ruby

DEPENDENCIES
  sqlite3
  timeline!
