PATH
  remote: .
  specs:
    timeline (0.0.2)
      activesupport (~> 3.2)
      hashie
      multi_json
      redis

GEM
  remote: http://rubygems.org/
  specs:
    activesupport (3.2.1)
      i18n (~> 0.6)
      multi_json (~> 1.0)
    hashie (1.2.0)
    i18n (0.6.0)
    multi_json (1.1.0)
    redis (2.2.2)
    sqlite3 (1.3.5)

PLATFORMS
  ruby

DEPENDENCIES
  sqlite3
  timeline!
